PATH
  remote: ../../../mailboxer
  specs:
    mailboxer (0.1.3)
      foreigner (~> 0.9.1)

GEM
  remote: http://rubygems.org/
  specs:
    foreigner (0.9.2)
    mysql (2.8.1)

PLATFORMS
  ruby

DEPENDENCIES
  mailboxer!
  mysql (= 2.8.1)
